GEM
  remote: https://rubygems.org/
  specs:
    mini_exiftool (2.14.0)
      ostruct (>= 0.6.0)
      pstore (>= 0.1.3)
    ostruct (0.6.1)
    pstore (0.1.4)

PLATFORMS
  arm64-darwin-23
  ruby

DEPENDENCIES
  mini_exiftool

BUNDLED WITH
   2.5.23
